GIT
  remote: https://github.com/Rykian/clockwork.git
  revision: 16b4e196aebaadb15d2a0986098eb80c198ea381
  specs:
    clockwork (2.0.4)
      activesupport
      tzinfo

GEM
  remote: https://rubygems.org/
  specs:
    activesupport (6.0.3.1)
      concurrent-ruby (~> 1.0, >= 1.0.2)
      i18n (>= 0.7, < 2)
      minitest (~> 5.1)
      tzinfo (~> 1.1)
      zeitwerk (~> 2.2, >= 2.2.2)
    concurrent-ruby (1.1.6)
    faraday (0.17.3)
      multipart-post (>= 1.2, < 3)
    httparty (0.18.0)
      mime-types (~> 3.0)
      multi_xml (>= 0.5.2)
    i18n (1.8.2)
      concurrent-ruby (~> 1.0)
    jwt (2.2.1)
    mime-types (3.3.1)
      mime-types-data (~> 3.2015)
    mime-types-data (3.2020.0425)
    mini_portile2 (2.6.1)
    minitest (5.14.1)
    multi_xml (0.6.0)
    multipart-post (2.1.1)
    nokogiri (1.12.5)
      mini_portile2 (~> 2.6.1)
      racc (~> 1.4)
    racc (1.5.2)
    ruby_http_client (3.5.0)
    sendgrid-ruby (6.1.4)
      ruby_http_client (~> 3.4)
    thread_safe (0.3.6)
    twilio-ruby (5.29.1)
      faraday (~> 0.9)
      jwt (>= 1.5, <= 2.5)
      nokogiri (>= 1.6, < 2.0)
    tzinfo (1.2.7)
      thread_safe (~> 0.1)
    zeitwerk (2.3.0)

PLATFORMS
  ruby

DEPENDENCIES
  activesupport
  clockwork!
  httparty
  sendgrid-ruby
  twilio-ruby (~> 5.29.1)

RUBY VERSION
   ruby 2.6.6p146

BUNDLED WITH
   2.1.4
